GIT
  remote: git://github.com/jeffkreeftmeijer/tumblr.git
  revision: 65c809d
  ref:  65c809
  specs:
    tumblr (0.1.3)
      activesupport
      httparty

GEM
  remote: http://rubygems.org/
  specs:
    activesupport (2.3.8)
    builder (2.1.2)
    columnize (0.3.1)
    crack (0.1.8)
    cucumber (0.8.5)
      builder (~> 2.1.2)
      diff-lcs (~> 1.1.2)
      gherkin (~> 2.1.4)
      json_pure (~> 1.4.3)
      term-ansicolor (~> 1.0.4)
    diff-lcs (1.1.2)
    fakeweb (1.3.0)
    gherkin (2.1.5)
      trollop (~> 1.16.2)
    httparty (0.6.1)
      crack (= 0.1.8)
    json_pure (1.4.6)
    linecache (0.43)
    rspec (1.3.0)
    ruby-debug (0.10.3)
      columnize (>= 0.1)
      ruby-debug-base (~> 0.10.3.0)
    ruby-debug-base (0.10.3)
      linecache (>= 0.3)
    term-ansicolor (1.0.5)
    trollop (1.16.2)
    vcr (1.1.1)

PLATFORMS
  ruby

DEPENDENCIES
  cucumber (= 0.8.5)
  fakeweb
  gherkin
  rspec
  ruby-debug
  tumblr!
  vcr
